GEM
  remote: https://rubygems.org/
  specs:
    puma (3.12.0)
    rack (2.1.4)

PLATFORMS
  ruby

DEPENDENCIES
  puma (~> 3.11)
  rack

BUNDLED WITH
   1.17.1
